GEM
  remote: http://rubygems.org/
  specs:
    addressable (2.3.8)
    excon (0.45.1)
    haml (4.0.5)
      tilt
    heroku (3.30.6)
      heroku-api (~> 0.3.19)
      launchy (>= 0.3.2)
      multi_json (~> 1.10)
      netrc (>= 0.10.0)
      rest-client (= 1.6.7)
      rubyzip (= 0.9.9)
    heroku-api (0.3.23)
      excon (~> 0.44)
      multi_json (~> 1.8)
    launchy (2.4.3)
      addressable (~> 2.3)
    mime-types (2.4.3)
    multi_json (1.11.0)
    netrc (0.10.3)
    rack (1.6.0)
    rack-protection (1.5.3)
      rack
    rest-client (1.6.7)
      mime-types (>= 1.16)
    rubyzip (0.9.9)
    shotgun (0.9.1)
      rack (>= 1.0)
    sinatra (1.4.6)
      rack (~> 1.4)
      rack-protection (~> 1.4)
      tilt (>= 1.3, < 3)
    tilt (2.0.1)

PLATFORMS
  ruby

DEPENDENCIES
  haml
  heroku (= 3.30.6)
  shotgun
  sinatra (= 1.4.6)
